PATH
  remote: .
  specs:
    site_copyrights (0.2.0)

GEM
  remote: https://rubygems.org/
  specs:
    rake (10.5.0)

PLATFORMS
  ruby

DEPENDENCIES
  bundler (~> 1.17)
  rake (~> 10.0)
  site_copyrights!

BUNDLED WITH
   1.17.3
