PATH
  remote: .
  specs:
    site_copyrights (0.3.0)

GEM
  remote: https://rubygems.org/
  specs:
    rake (13.0.1)

PLATFORMS
  ruby

DEPENDENCIES
  bundler (~> 1.17)
  rake (~> 13.0)
  site_copyrights!

BUNDLED WITH
   1.17.3
